GEM
  remote: https://rubygems.org/
  specs:
    dotenv (2.8.1)
    faraday (2.4.0)
      faraday-net_http (~> 2.0)
      ruby2_keywords (>= 0.0.4)
    faraday-mashify (0.1.0)
      faraday (~> 2.0)
      hashie
    faraday-multipart (1.0.4)
      multipart-post (~> 2)
    faraday-net_http (2.1.0)
    gli (2.21.0)
    hashie (5.0.0)
    multipart-post (2.2.3)
    ruby2_keywords (0.0.5)
    slack-ruby-client (1.1.0)
      faraday (>= 2.0)
      faraday-mashify
      faraday-multipart
      gli
      hashie
      websocket-driver
    websocket-driver (0.7.5)
      websocket-extensions (>= 0.1.0)
    websocket-extensions (0.1.5)

PLATFORMS
  ruby

DEPENDENCIES
  dotenv
  slack-ruby-client

BUNDLED WITH
   2.2.16
