GEM
  remote: https://rubygems.org/
  specs:
    dotenv (2.8.1)
    faraday (2.7.4)
      faraday-net_http (>= 2.0, < 3.1)
      ruby2_keywords (>= 0.0.4)
    faraday-mashify (0.1.1)
      faraday (~> 2.0)
      hashie
    faraday-multipart (1.0.4)
      multipart-post (~> 2)
    faraday-net_http (3.0.2)
    gli (2.21.0)
    hashie (5.0.0)
    multipart-post (2.3.0)
    ruby2_keywords (0.0.5)
    slack-ruby-client (2.1.0)
      faraday (>= 2.0)
      faraday-mashify
      faraday-multipart
      gli
      hashie

PLATFORMS
  ruby

DEPENDENCIES
  dotenv
  slack-ruby-client

BUNDLED WITH
   2.2.16
